GEM
  remote: https://rubygems.org/
  specs:
    base64 (0.3.0)
    bigdecimal (3.2.2)
    liquid (5.8.7)
      bigdecimal
      strscan (>= 3.1.1)
    mini_portile2 (2.8.9)
    nokogiri (1.18.8)
      mini_portile2 (~> 2.8.2)
      racc (~> 1.4)
    racc (1.8.1)
    strscan (3.1.5)
    yaml (0.4.0)

PLATFORMS
  ruby

DEPENDENCIES
  base64
  bigdecimal
  liquid (~> 5.5)
  nokogiri (>= 1.18.4)
  yaml (~> 0.3)

BUNDLED WITH
   2.6.6
